GEM
  remote: https://rubygems.org/
  specs:
    ast (2.4.2)
    parser (3.3.0.5)
      ast (~> 2.4.1)
      racc
    racc (1.7.3)
    ruby-progressbar (1.13.0)

PLATFORMS
  ruby
  x86_64-linux

DEPENDENCIES
  parser (~> 3.3.0)
  ruby-progressbar (~> 1.13.0)

BUNDLED WITH
   2.5.4
